GIT
  remote: git://github.com/rainux/twitter-stream.git
  revision: 0b97cbb44e7648b958faa0507e7a3bddda860b28
  specs:
    twitter-stream (0.1.14)
      eventmachine (>= 0.12.8)
      http_parser.rb (~> 0.5.1)
      simple_oauth (~> 0.1.4)

GEM
  remote: http://rubygems.org/
  specs:
    abstract (1.0.0)
    actionpack (3.0.9)
      activemodel (= 3.0.9)
      activesupport (= 3.0.9)
      builder (~> 2.1.2)
      erubis (~> 2.6.6)
      i18n (~> 0.5.0)
      rack (~> 1.2.1)
      rack-mount (~> 0.6.14)
      rack-test (~> 0.5.7)
      tzinfo (~> 0.3.23)
    activemodel (3.0.9)
      activesupport (= 3.0.9)
      builder (~> 2.1.2)
      i18n (~> 0.5.0)
    activesupport (3.0.9)
    alias (0.2.2)
    awesome_print (0.4.0)
    blather (0.5.3)
      activesupport (>= 3.0.7)
      eventmachine (~> 0.12.6)
      minitest (>= 1.7.1)
      niceogiri (>= 0.0.4)
      nokogiri (>= 1.4.0)
    bond (0.4.1)
    boson (0.3.3)
      alias (>= 0.2.2)
      hirb (>= 0.3.5)
    bson (1.3.1)
    bson_ext (1.3.1)
    builder (2.1.2)
    clipboard (0.9.9)
    coderay (0.9.8)
    crack (0.1.8)
    drx (0.4.5)
    erubis (2.6.6)
      abstract (>= 1.0.0)
    eventmachine (0.12.10)
    every_day_irb (1.0.5)
    fancy_irb (0.7.0)
      paint (>= 0.8.1)
      unicode-display_width (>= 0.1.1)
    g (1.4.0)
      ruby-growl (>= 1.0.1)
    geokit (1.6.0)
    googl (0.5.0)
      httparty (>= 0.6.1)
      json (>= 1.4.6)
    grackle (0.1.10)
      json
      mime-types
      oauth
    hashie (1.0.0)
    hirb (0.4.5)
    http_parser.rb (0.5.1)
    httparty (0.7.8)
      crack (= 0.1.8)
    i18n (0.5.0)
    interactive_editor (0.0.8)
      spoon (>= 0.0.1)
    irb_rocket (0.2.0)
      ruby-terminfo (>= 0.1)
      wirble (>= 0.1.2)
    irbtools (1.0.5)
      awesome_print (~> 0.4.0)
      boson (>= 0.3.3)
      clipboard (>= 0.9.9)
      coderay (~> 0.9)
      every_day_irb (>= 1.0.5)
      fancy_irb (>= 0.7.0)
      g
      hirb (~> 0.4.5)
      interactive_editor (>= 0.0.8)
      methodfinder (>= 1.2.3)
      ori (~> 0.1.0)
      paint (>= 0.8.1)
      rvm_loader (>= 1.0.0)
      sketches
      wirb (>= 0.4.0)
      zucker (>= 11)
    irbtools-more (0.3.2)
      bond
      drx
      irbtools (>= 1.0.0)
    json (1.5.3)
    methodfinder (1.2.3)
    mime-types (1.16)
    minitest (2.3.1)
    mongo (1.3.1)
      bson (>= 1.3.1)
    mongo_mapper (0.9.1)
      activemodel (~> 3.0)
      activesupport (~> 3.0)
      plucky (~> 0.3.8)
    niceogiri (0.0.4)
      nokogiri (>= 1.4.0)
    nokogiri (1.5.0)
    oauth (0.4.5)
    ori (0.1.0)
    paint (0.8.3)
    plucky (0.3.8)
      mongo (~> 1.3)
    rack (1.2.3)
    rack-mount (0.6.14)
      rack (>= 1.0.0)
    rack-test (0.5.7)
      rack (>= 1.0)
    ruby-growl (3.0)
    ruby-terminfo (0.1.1)
    rvm_loader (1.0.0)
    simple_oauth (0.1.5)
    sketches (0.1.1)
    spoon (0.0.1)
    twitter_oauth (0.4.3)
      json (>= 1.1.9)
      mime-types (>= 1.16)
      oauth (>= 0.4.1)
    tzinfo (0.3.29)
    unicode-display_width (0.1.1)
    wirb (0.4.1)
    wirble (0.1.3)
    yajl-ruby (0.8.2)
    zucker (11)

PLATFORMS
  ruby

DEPENDENCIES
  actionpack
  activesupport
  awesome_print
  blather
  bson_ext
  geokit
  googl
  grackle
  hashie
  irb_rocket
  irbtools
  irbtools-more
  mongo_mapper
  oauth
  twitter-stream!
  twitter_oauth
  yajl-ruby
