GIT
  remote: git://github.com/jimmyxu/grackle.git
  revision: 8bfd33dea095271d1cb4c128bbf1a9d3133ed0ad
  specs:
    grackle (0.2.1)
      json
      mime-types
      oauth

GIT
  remote: git://github.com/jimmyxu/twitter-stream.git
  revision: 135fda5a483d90bc43f35957201ca3469ed5f98e
  specs:
    twitter-stream (0.1.15)
      eventmachine (>= 0.12.8)
      http_parser.rb (~> 0.5.1)
      simple_oauth (~> 0.1.4)

GEM
  remote: http://rubygems.org/
  specs:
    SystemTimer (1.2.3)
    actionpack (3.2.11)
      activemodel (= 3.2.11)
      activesupport (= 3.2.11)
      builder (~> 3.0.0)
      erubis (~> 2.7.0)
      journey (~> 1.0.4)
      rack (~> 1.4.0)
      rack-cache (~> 1.2)
      rack-test (~> 0.6.1)
      sprockets (~> 2.2.1)
    activemodel (3.2.11)
      activesupport (= 3.2.11)
      builder (~> 3.0.0)
    activesupport (3.2.11)
      i18n (~> 0.6)
      multi_json (~> 1.0)
    awesome_print (1.0.2)
    blather (0.8.2)
      activesupport (>= 2.3.11)
      eventmachine (>= 1.0.0)
      girl_friday
      niceogiri (~> 1.0)
      nokogiri (~> 1.5, >= 1.5.6)
    bond (0.4.3)
    boson (1.2.4)
    bson (1.8.3)
    bson_ext (1.8.3)
      bson (~> 1.8.3)
    builder (3.0.4)
    clipboard (1.0.1)
    coderay (1.0.8)
    connection_pool (1.0.0)
    diff-lcs (1.1.3)
    drx (0.4.5)
    erubis (2.7.0)
    eventmachine (1.0.0)
    every_day_irb (1.4.0)
    fancy_irb (0.7.3)
      paint (>= 0.8.1)
      unicode-display_width (>= 0.1.1)
    g (1.7.1)
    geokit (1.6.5)
      multi_json
    girl_friday (0.11.2)
      connection_pool (~> 1.0)
      rubinius-actor
    git (1.2.5)
    googl (0.6.1)
      httparty (~> 0.8.3)
    hashie (1.2.0)
    hike (1.2.1)
    hirb (0.7.0)
    http_parser.rb (0.5.3)
    httparty (0.8.3)
      multi_json (~> 1.0)
      multi_xml
    i18n (0.6.1)
    interactive_editor (0.0.10)
      spoon (>= 0.0.1)
    irb_rocket (0.2.0)
      ruby-terminfo (>= 0.1)
      wirble (>= 0.1.2)
    irbtools (1.4.0)
      awesome_print (~> 1.0.2)
      boson (~> 1.2.4)
      clipboard (~> 1.0.1)
      coderay (~> 1.0.8)
      every_day_irb (>= 1.4.0)
      fancy_irb (>= 0.7.3)
      g (>= 1.7.1)
      hirb (~> 0.7.0)
      interactive_editor (>= 0.0.10)
      method_locator (>= 0.0.4)
      method_source (>= 0.8.1)
      methodfinder (>= 1.2.5)
      ori (~> 0.1.0)
      paint (>= 0.8.5)
      wirb (>= 0.4.3)
      zucker (>= 12.1)
    irbtools-more (1.4.0)
      bond (~> 0.4.1)
      drx
      irbtools (>= 1.2.0)
      looksee (~> 1.0.3)
    jeweler (1.8.4)
      bundler (~> 1.0)
      git (>= 1.2.5)
      rake
      rdoc
    journey (1.0.4)
    json (1.8.1)
    looksee (1.0.3)
    method_locator (0.0.4)
    method_source (0.8.1)
    methodfinder (1.2.5)
    mime-types (1.19)
    mongo (1.8.3)
      bson (~> 1.8.3)
    mongo_mapper (0.12.0)
      activemodel (~> 3.0)
      activesupport (~> 3.0)
      plucky (~> 0.5.2)
    multi_json (1.5.0)
    multi_xml (0.5.2)
    niceogiri (1.1.1)
      nokogiri (~> 1.5)
    nokogiri (1.5.6)
    oauth (0.4.7)
    ori (0.1.0)
    paint (0.8.5)
    plucky (0.5.2)
      mongo (~> 1.5)
    rack (1.4.4)
    rack-cache (1.2)
      rack (>= 0.4)
    rack-test (0.6.2)
      rack (>= 1.0)
    rake (10.0.3)
    rdoc (3.12)
      json (~> 1.4)
    rspec (2.12.0)
      rspec-core (~> 2.12.0)
      rspec-expectations (~> 2.12.0)
      rspec-mocks (~> 2.12.0)
    rspec-core (2.12.2)
    rspec-expectations (2.12.1)
      diff-lcs (~> 1.1.3)
    rspec-mocks (2.12.1)
    rubinius-actor (0.0.2)
      rubinius-core-api
    rubinius-core-api (0.0.1)
    ruby-terminfo (0.1.1)
    simple_oauth (0.1.9)
    simplecov (0.7.1)
      multi_json (~> 1.0)
      simplecov-html (~> 0.7.1)
    simplecov-html (0.7.1)
    spoon (0.0.1)
    sprockets (2.2.2)
      hike (~> 1.2)
      multi_json (~> 1.0)
      rack (~> 1.0)
      tilt (~> 1.1, != 1.3.0)
    tilt (1.3.3)
    twitter_oauth (0.4.94)
      json (>= 1.8.0)
      mime-types (>= 1.16)
      oauth (>= 0.4.7)
    unicode-display_width (0.1.1)
    wirb (1.0.1)
      paint
    wirble (0.1.3)
    yajl-ruby (1.1.0)
    yard (0.8.3)
    zucker (12.1)

PLATFORMS
  ruby

DEPENDENCIES
  SystemTimer
  actionpack
  activesupport
  awesome_print
  blather
  bson_ext
  bundler
  geokit
  googl
  grackle!
  hashie
  irb_rocket
  irbtools
  irbtools-more
  jeweler
  mongo_mapper
  oauth
  rspec
  simplecov
  twitter-stream!
  twitter_oauth (~> 0.4.94)
  yajl-ruby
  yard
