GIT
  remote: git://github.com/rainux/hashie.git
  revision: 853f79aaafa3ec901b18e7ee18318bde61073b4f
  specs:
    hashie (0.4.0)

GIT
  remote: git://github.com/rainux/twitter-stream.git
  revision: ed8ca4284cc621b32e2a9075bd8cc51d61fac59b
  specs:
    twitter-stream (0.1.7)
      eventmachine (>= 0.12.8)
      roauth (>= 0.0.2)

GEM
  remote: http://rubygems.org/
  specs:
    activesupport (2.3.9)
    awesome_print (0.2.1)
    blather (0.4.14)
      eventmachine (>= 0.12.6)
      nokogiri (>= 1.4.0)
    bson (1.0.7)
    bson_ext (1.0.7)
    eventmachine (0.12.10)
    grackle (0.1.10)
      json
      mime-types
      oauth
    jnunemaker-validatable (1.8.4)
      activesupport (>= 2.3.4)
    json (1.4.6)
    mime-types (1.16)
    mongo (1.0.8)
      bson (>= 1.0.5)
    mongo_mapper (0.8.4)
      activesupport (>= 2.3.4)
      jnunemaker-validatable (~> 1.8.4)
      plucky (~> 0.3.5)
    nokogiri (1.4.3.1)
    oauth (0.4.3)
    plucky (0.3.5)
      mongo (~> 1.0.8)
    roauth (0.0.3)
    twitter_oauth (0.4.3)
      json (>= 1.1.9)
      mime-types (>= 1.16)
      oauth (>= 0.4.1)
    yajl-ruby (0.7.7)

PLATFORMS
  ruby

DEPENDENCIES
  activesupport (~> 2.3.8)
  awesome_print
  blather
  bson_ext
  grackle
  hashie!
  mongo_mapper
  twitter-stream!
  twitter_oauth
  yajl-ruby
