GIT
  remote: git://github.com/rainux/hashie.git
  revision: 853f79aaafa3ec901b18e7ee18318bde61073b4f
  specs:
    hashie (0.4.0)

GIT
  remote: git://github.com/rainux/twitter-stream.git
  revision: bab4dc2dd10901808476e0fee4a4e3958a41603a
  specs:
    twitter-stream (0.1.10)
      eventmachine (>= 0.12.8)
      roauth (>= 0.0.2)

GEM
  remote: http://rubygems.org/
  specs:
    abstract (1.0.0)
    actionpack (3.0.3)
      activemodel (= 3.0.3)
      activesupport (= 3.0.3)
      builder (~> 2.1.2)
      erubis (~> 2.6.6)
      i18n (~> 0.4)
      rack (~> 1.2.1)
      rack-mount (~> 0.6.13)
      rack-test (~> 0.5.6)
      tzinfo (~> 0.3.23)
    activemodel (3.0.3)
      activesupport (= 3.0.3)
      builder (~> 2.1.2)
      i18n (~> 0.4)
    activesupport (3.0.3)
    alias (0.2.2)
    awesome_print (0.3.1)
    blather (0.4.15)
      eventmachine (>= 0.12.6)
      nokogiri (>= 1.4.0)
    bond (0.4.0)
    boson (0.3.2)
      alias (>= 0.2.2)
      hirb (>= 0.3.5)
    bson (1.2.0)
    bson_ext (1.2.0)
    builder (2.1.2)
    clipboard (0.9.5)
    coderay (0.9.7)
    drx (0.4.5)
    erubis (2.6.6)
      abstract (>= 1.0.0)
    eventmachine (0.12.10)
    fancy_irb (0.6.4)
      unicode-display_width
      wirb
    g (1.4.0)
      ruby-growl (>= 1.0.1)
    grackle (0.1.10)
      json
      mime-types
      oauth
    guessmethod (0.2.1)
      rake (>= 0.7)
    hirb (0.3.6)
    i18n (0.5.0)
    interactive_editor (0.0.6)
      spoon (>= 0.0.1)
    irb_rocket (0.2.0)
      ruby-terminfo (>= 0.1)
      wirble (>= 0.1.2)
    irbtools (0.8.5)
      awesome_print (~> 0.3)
      boson (~> 0.3)
      clipboard (>= 0.9.5)
      coderay (~> 0.9)
      fancy_irb (>= 0.6.4)
      g
      guessmethod
      hirb (~> 0.3)
      interactive_editor (>= 0.0.6)
      sketches
      wirb (>= 0.2.2)
      zucker (>= 9)
    irbtools-more (0.3.1)
      bond
      drx
      irbtools (>= 0.8.0)
    jnunemaker-validatable (1.8.4)
      activesupport (>= 2.3.4)
    json (1.5.1)
    mime-types (1.16)
    mongo (1.2.0)
      bson (>= 1.2.0)
    mongo_mapper (0.8.6)
      activesupport (>= 2.3.4)
      jnunemaker-validatable (~> 1.8.4)
      plucky (~> 0.3.6)
    nokogiri (1.4.4)
    oauth (0.4.4)
    plucky (0.3.6)
      mongo (~> 1.1)
    rack (1.2.1)
    rack-mount (0.6.13)
      rack (>= 1.0.0)
    rack-test (0.5.7)
      rack (>= 1.0)
    rake (0.8.7)
    roauth (0.0.3)
    ruby-growl (3.0)
    ruby-terminfo (0.1.1)
    sketches (0.1.1)
    spoon (0.0.1)
    twitter_oauth (0.4.3)
      json (>= 1.1.9)
      mime-types (>= 1.16)
      oauth (>= 0.4.1)
    tzinfo (0.3.24)
    unicode-display_width (0.1.1)
    wirb (0.2.2)
    wirble (0.1.3)
    yajl-ruby (0.7.9)
    zucker (9)

PLATFORMS
  ruby

DEPENDENCIES
  actionpack
  activesupport
  awesome_print
  blather
  bson_ext
  grackle
  hashie!
  irb_rocket
  irbtools
  irbtools-more
  mongo_mapper
  oauth
  twitter-stream!
  twitter_oauth
  yajl-ruby
